GEM
  remote: https://rubygems.org/
  specs:
    chunky_png (1.3.5)
    compass (1.0.3)
      chunky_png (~> 1.2)
      compass-core (~> 1.0.2)
      compass-import-once (~> 1.0.5)
      rb-fsevent (>= 0.9.3)
      rb-inotify (>= 0.9)
      sass (>= 3.3.13, < 3.5)
    compass-core (1.0.3)
      multi_json (~> 1.0)
      sass (>= 3.3.0, < 3.5)
    compass-import-once (1.0.5)
      sass (>= 3.2, < 3.5)
    execjs (2.2.2)
    extend_method (1.0.0)
    facets (3.0.0)
    ffi (1.9.10)
    fork (1.0.1)
    fssm (0.2.10)
    multi_json (1.11.2)
    rb-fsevent (0.9.7)
    rb-inotify (0.9.7)
      ffi (>= 0.5.0)
    ruby-bower (0.0.1)
      execjs
    sass (3.4.22)
    sass-css-importer (1.0.0.beta.0)
      sass (>= 3.1)
    systemu (2.6.5)
    thor (0.19.1)
    web_blocks (2.1.0.dev)
      compass
      execjs (~> 2.2, <= 2.2.2)
      extend_method
      facets
      fork
      fssm
      ruby-bower
      sass-css-importer
      thor
      yui-compressor
    yui-compressor (0.12.0)

PLATFORMS
  ruby

DEPENDENCIES
  systemu
  web_blocks (= 2.1.0.dev)
